GEM
  remote: https://rubygems.org/
  specs:
    redis (4.1.0)

PLATFORMS
  java

DEPENDENCIES
  redis (~> 4.1)

BUNDLED WITH
   2.0.1
